PATH
  remote: .
  specs:
    curex (0.1.0)
      google_currency (~> 3.4)
      hanami-cli (= 0.1.0.beta3)

GEM
  remote: https://rubygems.org/
  specs:
    concurrent-ruby (1.1.5)
    google_currency (3.4.1)
      money (~> 6.7)
    hanami-cli (0.1.0.beta3)
      concurrent-ruby (~> 1.0)
      hanami-utils (= 1.1.0.beta3)
    hanami-utils (1.1.0.beta3)
      concurrent-ruby (~> 1.0)
      transproc (~> 1.0)
    i18n (1.6.0)
      concurrent-ruby (~> 1.0)
    money (6.13.3)
      i18n (>= 0.6.4, <= 2)
    rake (10.5.0)
    transproc (1.0.3)

PLATFORMS
  ruby

DEPENDENCIES
  bundler (~> 1.15)
  curex!
  rake (~> 10.0)

BUNDLED WITH
   1.17.3
